PATH
  remote: .
  specs:
    aimtp (0.0.1)

GEM
  remote: https://rubygems.org/
  specs:
    rake (12.3.2)

PLATFORMS
  ruby

DEPENDENCIES
  aimtp!
  rake (~> 12.0)

BUNDLED WITH
   2.1.4
